PATH
  remote: .
  specs:
    bosh-openssl (0.0.1)
      bosh_cli (>= 1.2682.0)
      bosh_common (>= 1.2682.0)
      git (~> 1.2.6)
      membrane (~> 1.1.0)
      semi_semantic (~> 1.1.0)
      vault (~> 0.1)

GEM
  remote: https://rubygems.org/
  specs:
    ast (2.2.0)
    aws-sdk-core (2.2.0)
      jmespath (~> 1.0)
    aws-sdk-resources (2.2.0)
      aws-sdk-core (= 2.2.0)
    blobstore_client (1.3232.0)
      aws-sdk-resources (= 2.2.0)
      bosh_common (~> 1.3232.0)
      httpclient (= 2.7.1)
      multi_json (~> 1.1)
    bosh-template (1.3232.0)
      semi_semantic (~> 1.1.0)
    bosh_cli (1.3232.0)
      blobstore_client (~> 1.3232.0)
      bosh-template (~> 1.3232.0)
      bosh_common (~> 1.3232.0)
      cf-uaa-lib (~> 3.2.1)
      highline (~> 1.6.2)
      httpclient (= 2.7.1)
      json_pure (~> 1.7)
      minitar (~> 0.5.4)
      net-scp (~> 1.1.0)
      net-ssh (= 2.9.2)
      net-ssh-gateway (~> 1.2.0)
      netaddr (~> 1.5.0)
      progressbar (~> 0.9.0)
      sshkey (~> 1.7.0)
      terminal-table (~> 1.4.3)
    bosh_common (1.3232.0)
      logging (~> 1.8.2)
      semi_semantic (~> 1.1.0)
    cf-uaa-lib (3.2.5)
      multi_json
    diff-lcs (1.2.5)
    git (1.2.9.1)
    highline (1.6.21)
    httpclient (2.7.1)
    jmespath (1.2.4)
      json_pure (>= 1.8.1)
    json_pure (1.8.3)
    little-plugger (1.1.4)
    logging (1.8.2)
      little-plugger (>= 1.1.3)
      multi_json (>= 1.8.4)
    membrane (1.1.0)
    minitar (0.5.4)
    multi_json (1.12.0)
    net-scp (1.1.2)
      net-ssh (>= 2.6.5)
    net-ssh (2.9.2)
    net-ssh-gateway (1.2.0)
      net-ssh (>= 2.6.5)
    netaddr (1.5.1)
    parser (2.3.1.0)
      ast (~> 2.2)
    powerpack (0.1.1)
    progressbar (0.9.2)
    rainbow (2.1.0)
    rake (11.1.2)
    rspec (3.1.0)
      rspec-core (~> 3.1.0)
      rspec-expectations (~> 3.1.0)
      rspec-mocks (~> 3.1.0)
    rspec-core (3.1.7)
      rspec-support (~> 3.1.0)
    rspec-expectations (3.1.2)
      diff-lcs (>= 1.2.0, < 2.0)
      rspec-support (~> 3.1.0)
    rspec-its (1.1.0)
      rspec-core (>= 3.0.0)
      rspec-expectations (>= 3.0.0)
    rspec-mocks (3.1.3)
      rspec-support (~> 3.1.0)
    rspec-support (3.1.2)
    rubocop (0.39.0)
      parser (>= 2.3.0.7, < 3.0)
      powerpack (~> 0.1)
      rainbow (>= 1.99.1, < 3.0)
      ruby-progressbar (~> 1.7)
      unicode-display_width (~> 1.0, >= 1.0.1)
    ruby-progressbar (1.8.0)
    semi_semantic (1.1.0)
    sshkey (1.7.0)
    terminal-table (1.4.5)
    unicode-display_width (1.0.5)
    vault (0.4.0)

PLATFORMS
  ruby

DEPENDENCIES
  bosh-openssl!
  bundler (~> 1.6)
  rake
  rspec (~> 3.1.0)
  rspec-its (~> 1.1.0)
  rubocop

BUNDLED WITH
   1.12.2
